NUGET
  remote: https://www.nuget.org/api/v2
  specs:
    FAKE (4.43.0)
    FSharp.Core (4.0.0.1)
    MassTransit (3.4.1)
      NewId (>= 2.1.3)
      Newtonsoft.Json (>= 9.0.1)
    MassTransit.RabbitMQ (3.4.1)
      MassTransit (>= 3.4.1)
      NewId (>= 2.1.3)
      Newtonsoft.Json (>= 9.0.1)
      RabbitMQ.Client (>= 4.0.1)
    Microsoft.CSharp (4.0.1) - framework: net10, net11
    Microsoft.NETCore.Platforms (1.0.1) - framework: net10, net11, net20, net30, net35, net40, net40, net45
    Microsoft.NETCore.Targets (1.0.1) - framework: net10, net11, net20, net30, net35, net40, net40, net45
    Microsoft.Win32.Primitives (4.0.1) - framework: net10, net11, net20, net30, net35, net40, net40, net45
      Microsoft.NETCore.Platforms (>= 1.0.1) - framework: net10, net11, net20, net30, net35, net40, net40, net45, net451, net452, net453
      Microsoft.NETCore.Targets (>= 1.0.1) - framework: net10, net11, net20, net30, net35, net40, net40, net45, net451, net452, net453
      System.Runtime (>= 4.1.0) - framework: net10, net11, net20, net30, net35, net40, net40, net45, net451, net452, net453
    NewId (2.1.3)
    Newtonsoft.Json (9.0.1)
      Microsoft.CSharp (>= 4.0.1) - framework: net10, net11
      System.Collections (>= 4.0.11) - framework: net10, net11
      System.Diagnostics.Debug (>= 4.0.11) - framework: net10, net11
      System.Dynamic.Runtime (>= 4.0.11) - framework: net10, net11
      System.Globalization (>= 4.0.11) - framework: net10, net11
      System.IO (>= 4.1.0) - framework: net10, net11
      System.Linq (>= 4.1.0) - framework: net10, net11
      System.Linq.Expressions (>= 4.1.0) - framework: net10, net11
      System.ObjectModel (>= 4.0.12) - framework: net10, net11
      System.Reflection (>= 4.1.0) - framework: net10, net11
      System.Reflection.Extensions (>= 4.0.1) - framework: net10, net11
      System.Resources.ResourceManager (>= 4.0.1) - framework: net10, net11
      System.Runtime (>= 4.1.0) - framework: net10, net11
      System.Runtime.Extensions (>= 4.1.0) - framework: net10, net11
      System.Runtime.Serialization.Primitives (>= 4.1.1) - framework: net10, net11
      System.Text.Encoding (>= 4.0.11) - framework: net10, net11
      System.Text.Encoding.Extensions (>= 4.0.11) - framework: net10, net11
      System.Text.RegularExpressions (>= 4.1.0) - framework: net10, net11
      System.Threading (>= 4.0.11) - framework: net10, net11
      System.Threading.Tasks (>= 4.0.11) - framework: net10, net11
      System.Xml.ReaderWriter (>= 4.0.11) - framework: net10, net11
      System.Xml.XDocument (>= 4.0.11) - framework: net10, net11
    RabbitMQ.Client (4.1.1)
      System.Collections.Concurrent (>= 4.0.12) - framework: net10, net11, net20, net30, net35, net40, net40, net45
      System.Console (>= 4.0.0) - framework: net10, net11, net20, net30, net35, net40, net40, net45
      System.Diagnostics.Debug (>= 4.0.11) - framework: net10, net11, net20, net30, net35, net40, net40, net45
      System.IO (>= 4.1.0) - framework: net10, net11, net20, net30, net35, net40, net40, net45
      System.Linq (>= 4.1.0) - framework: net10, net11, net20, net30, net35, net40, net40, net45
      System.Net.NameResolution (>= 4.0.0) - framework: net10, net11, net20, net30, net35, net40, net40, net45
      System.Net.Security (>= 4.0.0) - framework: net10, net11, net20, net30, net35, net40, net40, net45
      System.Net.Sockets (>= 4.1.0) - framework: net10, net11, net20, net30, net35, net40, net40, net45
      System.Reflection.Extensions (>= 4.0.1) - framework: net10, net11, net20, net30, net35, net40, net40, net45
      System.Reflection.TypeExtensions (>= 4.1.0) - framework: net10, net11, net20, net30, net35, net40, net40, net45
      System.Runtime.Extensions (>= 4.1.0) - framework: net10, net11, net20, net30, net35, net40, net40, net45
      System.Text.RegularExpressions (>= 4.1.0) - framework: net10, net11, net20, net30, net35, net40, net40, net45
      System.Threading (>= 4.0.11) - framework: net10, net11, net20, net30, net35, net40, net40, net45
      System.Threading.Thread (>= 4.0.0) - framework: net10, net11, net20, net30, net35, net40, net40, net45
      System.Threading.Timer (>= 4.0.1) - framework: net10, net11, net20, net30, net35, net40, net40, net45
    runtime.native.System (4.0.0) - framework: net10, net11, net20, net30, net35, net40, net40, net45
      Microsoft.NETCore.Platforms (>= 1.0.1)
      Microsoft.NETCore.Targets (>= 1.0.1)
    runtime.native.System.Net.Security (4.0.1) - framework: net10, net11, net20, net30, net35, net40, net40, net45
      Microsoft.NETCore.Platforms (>= 1.0.1)
      Microsoft.NETCore.Targets (>= 1.0.1)
    runtime.native.System.Security.Cryptography (4.0.0) - framework: net10, net11, net20, net30, net35, net40, net40, net45
      Microsoft.NETCore.Platforms (>= 1.0.1)
      Microsoft.NETCore.Targets (>= 1.0.1)
    System.Collections (4.0.11) - framework: net10, net11, net20, net30, net35, net40, net40, net45
    System.Collections.Concurrent (4.0.12) - framework: net10, net11, net20, net30, net35, net40, net40, net45
      System.Reflection (>= 4.1.0) - framework: net10, net11, net20, net30, net35, net40, net40
    System.Console (4.0.0) - framework: net10, net11, net20, net30, net35, net40, net40, net45
      Microsoft.NETCore.Platforms (>= 1.0.1) - framework: net10, net11, net20, net30, net35, net40, net40, net45, net451, net452, net453
      Microsoft.NETCore.Targets (>= 1.0.1) - framework: net10, net11, net20, net30, net35, net40, net40, net45, net451, net452, net453
      System.IO (>= 4.1.0) - framework: net10, net11, net20, net30, net35, net40, net40, net45, net451, net452, net453
      System.Runtime (>= 4.1.0) - framework: net10, net11, net20, net30, net35, net40, net40, net45, net451, net452, net453
      System.Text.Encoding (>= 4.0.11) - framework: net10, net11, net20, net30, net35, net40, net40, net45, net451, net452, net453
    System.Diagnostics.Debug (4.0.11) - framework: net10, net11, net20, net30, net35, net40, net40, net45
    System.Diagnostics.Tracing (4.1.0) - framework: net10, net11, net20, net30, net35, net40, net40, net45
    System.Dynamic.Runtime (4.0.11) - framework: net10, net11
      System.Reflection.Emit (>= 4.0.1) - framework: net10, net11, net20, net30, net35, net40, net40
      System.Reflection.Emit.ILGeneration (>= 4.0.1) - framework: net10, net11, net20, net30, net35, net40, net40
      System.Reflection.Primitives (>= 4.0.1) - framework: net10, net11, net20, net30, net35, net40, net40
    System.Globalization (4.0.11) - framework: net10, net11, net20, net30, net35, net40, net40, net45
    System.Globalization.Extensions (4.0.1) - framework: net10, net11, net20, net30, net35, net40, net40, net45
      Microsoft.NETCore.Platforms (>= 1.0.1) - framework: net10, net11, net20, net30, net35, net40, net40, net45, net451, net452, net453
      System.Globalization (>= 4.0.11) - framework: net10, net11, net20, net30, net35, net40, net40, net45, net451, net452, net453
      System.Resources.ResourceManager (>= 4.0.1) - framework: net10, net11, net20, net30, net35, net40, net40, net45, net451, net452, net453
      System.Runtime (>= 4.1.0) - framework: net10, net11, net20, net30, net35, net40, net40, net45, net451, net452, net453
      System.Runtime.Extensions (>= 4.1.0) - framework: net10, net11, net20, net30, net35, net40, net40, net45, net451, net452, net453
      System.Runtime.InteropServices (>= 4.1.0) - framework: net10, net11, net20, net30, net35, net40, net40, net45, net451, net452, net453
    System.IO (4.1.0) - framework: net10, net11, net20, net30, net35, net40, net40, net45
    System.Linq (4.1.0) - framework: net10, net11, net20, net30, net35, net40, net40, net45
    System.Linq.Expressions (4.1.0) - framework: net10, net11
      System.ObjectModel (>= 4.0.12) - framework: net10, net11, net20, net30, net35, net40, net40
      System.Reflection.Emit (>= 4.0.1) - framework: net10, net11, net20, net30, net35, net40, net40
    System.Net.NameResolution (4.0.0) - framework: net10, net11, net20, net30, net35, net40, net40, net45
      runtime.native.System (>= 4.0.0) - framework: net10, net11, net20, net30, net35, net40, net40, net45, net451, net452, net453
      System.Security.Principal.Windows (>= 4.0.0) - framework: net10, net11, net20, net30, net35, net40, net40, net45, net451, net452, net453
    System.Net.Primitives (4.0.11) - framework: net10, net11, net20, net30, net35, net40, net40, net45
    System.Net.Security (4.0.0) - framework: net10, net11, net20, net30, net35, net40, net40, net45
      Microsoft.NETCore.Platforms (>= 1.0.1) - framework: net10, net11, net20, net30, net35, net40, net40, net45, net451, net452, net453
      Microsoft.Win32.Primitives (>= 4.0.1) - framework: net10, net11, net20, net30, net35, net40, net40, net45, net451, net452, net453
      runtime.native.System (>= 4.0.0) - framework: net10, net11, net20, net30, net35, net40, net40, net45, net451, net452, net453
      runtime.native.System.Net.Security (>= 4.0.1) - framework: net10, net11, net20, net30, net35, net40, net40, net45, net451, net452, net453
      runtime.native.System.Security.Cryptography (>= 4.0.0) - framework: net10, net11, net20, net30, net35, net40, net40, net45, net451, net452, net453
      System.Collections (>= 4.0.11) - framework: net10, net11, net20, net30, net35, net40, net40, net45, net451, net452, net453
      System.Collections.Concurrent (>= 4.0.12) - framework: net10, net11, net20, net30, net35, net40, net40, net45, net451, net452, net453
      System.Diagnostics.Tracing (>= 4.1.0) - framework: net10, net11, net20, net30, net35, net40, net40, net45, net451, net452, net453
      System.Globalization (>= 4.0.11) - framework: net10, net11, net20, net30, net35, net40, net40, net45, net451, net452, net453
      System.Globalization.Extensions (>= 4.0.1) - framework: net10, net11, net20, net30, net35, net40, net40, net45, net451, net452, net453
      System.IO (>= 4.1.0) - framework: net10, net11, net20, net30, net35, net40, net40, net45, net451, net452, net453
      System.Net.Primitives (>= 4.0.11) - framework: net10, net11, net20, net30, net35, net40, net40, net45, net451, net452, net453
      System.Resources.ResourceManager (>= 4.0.1) - framework: net10, net11, net20, net30, net35, net40, net40, net45, net451, net452, net453
      System.Runtime (>= 4.1.0) - framework: net10, net11, net20, net30, net35, net40, net40, net45, net451, net452, net453
      System.Runtime.Extensions (>= 4.1.0) - framework: net10, net11, net20, net30, net35, net40, net40, net45, net451, net452, net453
      System.Runtime.Handles (>= 4.0.1) - framework: net10, net11, net20, net30, net35, net40, net40, net45, net451, net452, net453
      System.Runtime.InteropServices (>= 4.1.0) - framework: net10, net11, net20, net30, net35, net40, net40, net45, net451, net452, net453
      System.Security.Claims (>= 4.0.1) - framework: net10, net11, net20, net30, net35, net40, net40, net45, net451, net452, net453
      System.Security.Cryptography.Algorithms (>= 4.2.0) - framework: net10, net11, net20, net30, net35, net40, net40, net45, net451, net452, net453
      System.Security.Cryptography.Encoding (>= 4.0.0) - framework: net10, net11, net20, net30, net35, net40, net40, net45, net451, net452, net453
      System.Security.Cryptography.OpenSsl (>= 4.0.0) - framework: net10, net11, net20, net30, net35, net40, net40, net45, net451, net452, net453
      System.Security.Cryptography.Primitives (>= 4.0.0) - framework: net10, net11, net20, net30, net35, net40, net40, net45, net451, net452, net453
      System.Security.Principal (>= 4.0.1) - framework: net10, net11, net20, net30, net35, net40, net40, net45, net451, net452, net453
      System.Security.Principal.Windows (>= 4.0.0) - framework: net10, net11, net20, net30, net35, net40, net40, net45, net451, net452, net453
      System.Text.Encoding (>= 4.0.11) - framework: net10, net11, net20, net30, net35, net40, net40, net45, net451, net452, net453
      System.Threading (>= 4.0.11) - framework: net10, net11, net20, net30, net35, net40, net40, net45, net451, net452, net453
      System.Threading.Tasks (>= 4.0.11) - framework: net10, net11, net20, net30, net35, net40, net40, net45, net451, net452, net453
      System.Threading.ThreadPool (>= 4.0.10) - framework: net10, net11, net20, net30, net35, net40, net40, net45, net451, net452, net453
    System.Net.Sockets (4.1.0) - framework: net10, net11, net20, net30, net35, net40, net40, net45
      Microsoft.NETCore.Platforms (>= 1.0.1) - framework: net10, net11, net20, net30, net35, net40, net40, net45, net451, net452, net453
      Microsoft.NETCore.Targets (>= 1.0.1) - framework: net10, net11, net20, net30, net35, net40, net40, net45, net451, net452, net453
      System.IO (>= 4.1.0) - framework: net10, net11, net20, net30, net35, net40, net40, net45, net451, net452, net453
      System.Net.Primitives (>= 4.0.11) - framework: net10, net11, net20, net30, net35, net40, net40, net45, net451, net452, net453
      System.Runtime (>= 4.1.0) - framework: net10, net11, net20, net30, net35, net40, net40, net45, net451, net452, net453
      System.Threading.Tasks (>= 4.0.11) - framework: net10, net11, net20, net30, net35, net40, net40, net45, net451, net452, net453
    System.ObjectModel (4.0.12) - framework: net10, net11
    System.Reflection (4.1.0) - framework: net10, net11, net20, net30, net35, net40, net40, net45
    System.Reflection.Emit (4.0.1) - framework: net10, net11
      System.IO (>= 4.1.0) - framework: net10, net11, net20, net30, net35, net40, net40
      System.Reflection (>= 4.1.0) - framework: net10, net11, net20, net30, net35, net40, net40
      System.Reflection.Primitives (>= 4.0.1) - framework: net10, net11, net20, net30, net35, net40, net40
      System.Runtime (>= 4.1.0) - framework: net10, net11, net20, net30, net35, net40, net40
    System.Reflection.Emit.ILGeneration (4.0.1) - framework: net10, net11
      System.Reflection (>= 4.1.0) - framework: net10, net11, net20, net30, net35, net40, net40
      System.Reflection.Primitives (>= 4.0.1) - framework: net10, net11, net20, net30, net35, net40, net40
      System.Runtime (>= 4.1.0) - framework: net10, net11, net20, net30, net35, net40, net40
    System.Reflection.Extensions (4.0.1) - framework: net10, net11, net20, net30, net35, net40, net40, net45
    System.Reflection.Primitives (4.0.1) - framework: net10, net11
    System.Reflection.TypeExtensions (4.1.0) - framework: net10, net11, net20, net30, net35, net40, net40, net45
    System.Resources.ResourceManager (4.0.1) - framework: net10, net11, net20, net30, net35, net40, net40, net45
    System.Runtime (4.1.0) - framework: net10, net11, net20, net30, net35, net40, net40, net45
    System.Runtime.Extensions (4.1.0) - framework: net10, net11, net20, net30, net35, net40, net40, net45
    System.Runtime.Handles (4.0.1) - framework: net10, net11, net20, net30, net35, net40, net40, net45
      Microsoft.NETCore.Platforms (>= 1.0.1) - framework: net10, net11, net20, net30, net35, net40, net40, net45, net451, net452, net453
      Microsoft.NETCore.Targets (>= 1.0.1) - framework: net10, net11, net20, net30, net35, net40, net40, net45, net451, net452, net453
      System.Runtime (>= 4.1.0) - framework: net10, net11, net20, net30, net35, net40, net40, net45, net451, net452, net453
    System.Runtime.InteropServices (4.1.0) - framework: net10, net11, net20, net30, net35, net40, net40, net45
    System.Runtime.Numerics (4.0.1) - framework: net10, net11, net20, net30, net35, net40, net40, net45
    System.Runtime.Serialization.Primitives (4.1.1) - framework: net10, net11
    System.Security.Claims (4.0.1) - framework: net10, net11, net20, net30, net35, net40, net40, net45
      System.Collections (>= 4.0.11) - framework: net10, net11, net20, net30, net35, net40, net40, net45, net451, net452, net453
      System.Globalization (>= 4.0.11) - framework: net10, net11, net20, net30, net35, net40, net40, net45, net451, net452, net453
      System.IO (>= 4.1.0) - framework: net10, net11, net20, net30, net35, net40, net40, net45, net451, net452, net453
      System.Resources.ResourceManager (>= 4.0.1) - framework: net10, net11, net20, net30, net35, net40, net40, net45, net451, net452, net453
      System.Runtime (>= 4.1.0) - framework: net10, net11, net20, net30, net35, net40, net40, net45, net451, net452, net453
      System.Runtime.Extensions (>= 4.1.0) - framework: net10, net11, net20, net30, net35, net40, net40, net45, net451, net452, net453
      System.Security.Principal (>= 4.0.1) - framework: net10, net11, net20, net30, net35, net40, net40, net45, net451, net452, net453
    System.Security.Cryptography.Algorithms (4.2.0) - framework: net10, net11, net20, net30, net35, net40, net40, net45
      runtime.native.System.Security.Cryptography (>= 4.0.0) - framework: net10, net11, net20, net30, net35, net40, net40, net45, net451, net452, net453
      System.Collections (>= 4.0.11) - framework: net10, net11, net20, net30, net35, net40, net40, net45, net451, net452, net453
      System.Runtime.Numerics (>= 4.0.1) - framework: net10, net11, net20, net30, net35, net40, net40, net45, net451, net452, net453
    System.Security.Cryptography.Encoding (4.0.0) - framework: net10, net11, net20, net30, net35, net40, net40, net45
      Microsoft.NETCore.Platforms (>= 1.0.1) - framework: net10, net11, net20, net30, net35, net40, net40, net45, net451, net452, net453
      runtime.native.System.Security.Cryptography (>= 4.0.0) - framework: net10, net11, net20, net30, net35, net40, net40, net45, net451, net452, net453
      System.Collections (>= 4.0.11) - framework: net10, net11, net20, net30, net35, net40, net40, net45, net451, net452, net453
      System.Collections.Concurrent (>= 4.0.12) - framework: net10, net11, net20, net30, net35, net40, net40, net45, net451, net452, net453
      System.Linq (>= 4.1.0) - framework: net10, net11, net20, net30, net35, net40, net40, net45, net451, net452, net453
      System.Resources.ResourceManager (>= 4.0.1) - framework: net10, net11, net20, net30, net35, net40, net40, net45, net451, net452, net453
      System.Runtime (>= 4.1.0) - framework: net10, net11, net20, net30, net35, net40, net40, net45, net451, net452, net453
      System.Runtime.Extensions (>= 4.1.0) - framework: net10, net11, net20, net30, net35, net40, net40, net45, net451, net452, net453
      System.Runtime.Handles (>= 4.0.1) - framework: net10, net11, net20, net30, net35, net40, net40, net45, net451, net452, net453
      System.Runtime.InteropServices (>= 4.1.0) - framework: net10, net11, net20, net30, net35, net40, net40, net45, net451, net452, net453
      System.Security.Cryptography.Primitives (>= 4.0.0) - framework: net10, net11, net20, net30, net35, net40, net40, net45, net451, net452, net453
      System.Text.Encoding (>= 4.0.11) - framework: net10, net11, net20, net30, net35, net40, net40, net45, net451, net452, net453
    System.Security.Cryptography.OpenSsl (4.0.0) - framework: net10, net11, net20, net30, net35, net40, net40, net45
      runtime.native.System.Security.Cryptography (>= 4.0.0)
      System.Collections (>= 4.0.11)
      System.IO (>= 4.1.0)
      System.Resources.ResourceManager (>= 4.0.1)
      System.Runtime (>= 4.1.0)
      System.Runtime.Extensions (>= 4.1.0)
      System.Runtime.Handles (>= 4.0.1)
      System.Runtime.InteropServices (>= 4.1.0)
      System.Runtime.Numerics (>= 4.0.1)
      System.Security.Cryptography.Algorithms (>= 4.2.0)
      System.Security.Cryptography.Encoding (>= 4.0.0)
      System.Security.Cryptography.Primitives (>= 4.0.0)
      System.Text.Encoding (>= 4.0.11)
    System.Security.Cryptography.Primitives (4.0.0) - framework: net10, net11, net20, net30, net35, net40, net40, net45
      System.Diagnostics.Debug (>= 4.0.11) - framework: net10, net11, net20, net30, net35, net40, net40, net45, net451, net452, net453
      System.Globalization (>= 4.0.11) - framework: net10, net11, net20, net30, net35, net40, net40, net45, net451, net452, net453
      System.IO (>= 4.1.0) - framework: net10, net11, net20, net30, net35, net40, net40, net45, net451, net452, net453
      System.Resources.ResourceManager (>= 4.0.1) - framework: net10, net11, net20, net30, net35, net40, net40, net45, net451, net452, net453
      System.Runtime (>= 4.1.0) - framework: net10, net11, net20, net30, net35, net40, net40, net45, net451, net452, net453
      System.Threading (>= 4.0.11) - framework: net10, net11, net20, net30, net35, net40, net40, net45, net451, net452, net453
      System.Threading.Tasks (>= 4.0.11) - framework: net10, net11, net20, net30, net35, net40, net40, net45, net451, net452, net453
    System.Security.Principal (4.0.1) - framework: net10, net11, net20, net30, net35, net40, net40, net45
    System.Security.Principal.Windows (4.0.0) - framework: net10, net11, net20, net30, net35, net40, net40, net45
      Microsoft.NETCore.Platforms (>= 1.0.1) - framework: net10, net11, net20, net30, net35, net40, net40, net45, net451, net452, net453
      Microsoft.Win32.Primitives (>= 4.0.1) - framework: net10, net11, net20, net30, net35, net40, net40, net45, net451, net452, net453
      System.Collections (>= 4.0.11) - framework: net10, net11, net20, net30, net35, net40, net40, net45, net451, net452, net453
      System.Diagnostics.Debug (>= 4.0.11) - framework: net10, net11, net20, net30, net35, net40, net40, net45, net451, net452, net453
      System.Reflection (>= 4.1.0) - framework: net10, net11, net20, net30, net35, net40, net40, net45, net451, net452, net453
      System.Resources.ResourceManager (>= 4.0.1) - framework: net10, net11, net20, net30, net35, net40, net40, net45, net451, net452, net453
      System.Runtime (>= 4.1.0) - framework: net10, net11, net20, net30, net35, net40, net40, net45, net451, net452, net453
      System.Runtime.Extensions (>= 4.1.0) - framework: net10, net11, net20, net30, net35, net40, net40, net45, net451, net452, net453
      System.Runtime.Handles (>= 4.0.1) - framework: net10, net11, net20, net30, net35, net40, net40, net45, net451, net452, net453
      System.Runtime.InteropServices (>= 4.1.0) - framework: net10, net11, net20, net30, net35, net40, net40, net45, net451, net452, net453
      System.Security.Claims (>= 4.0.1)
      System.Security.Principal (>= 4.0.1) - framework: net10, net11, net20, net30, net35, net40, net40, net45, net451, net452, net453
      System.Text.Encoding (>= 4.0.11) - framework: net10, net11, net20, net30, net35, net40, net40, net45, net451, net452, net453
      System.Threading (>= 4.0.11) - framework: net10, net11, net20, net30, net35, net40, net40, net45, net451, net452, net453
    System.Text.Encoding (4.0.11) - framework: net10, net11, net20, net30, net35, net40, net40, net45
    System.Text.Encoding.Extensions (4.0.11) - framework: net10, net11
    System.Text.RegularExpressions (4.1.0) - framework: net10, net11, net20, net30, net35, net40, net40, net45
    System.Threading (4.0.11) - framework: net10, net11, net20, net30, net35, net40, net40, net45
    System.Threading.Tasks (4.0.11) - framework: net10, net11, net20, net30, net35, net40, net40, net45
    System.Threading.Thread (4.0.0) - framework: net10, net11, net20, net30, net35, net40, net40, net45
      System.Runtime (>= 4.1.0) - framework: net10, net11, net20, net30, net35, net40, net40, net45, net451, net452, net453
    System.Threading.ThreadPool (4.0.10) - framework: net10, net11, net20, net30, net35, net40, net40, net45
      System.Runtime (>= 4.1.0) - framework: net10, net11, net20, net30, net35, net40, net40, net45, net451, net452, net453
      System.Runtime.Handles (>= 4.0.1) - framework: net10, net11, net20, net30, net35, net40, net40, net45, net451, net452, net453
    System.Threading.Timer (4.0.1) - framework: net10, net11, net20, net30, net35, net40, net40, net45
    System.Xml.ReaderWriter (4.0.11) - framework: net10, net11
    System.Xml.XDocument (4.0.11) - framework: net10, net11
